GEM
  remote: https://rubygems.org/
  specs:
    database_cleaner (1.5.0)
    minitest (5.8.0)
    sequel (4.26.0)
    sqlite3 (1.3.10)
    testrbl (0.6.0)

PLATFORMS
  ruby

DEPENDENCIES
  database_cleaner
  minitest
  sequel
  sqlite3
  testrbl

BUNDLED WITH
   1.10.6
