PATH
  remote: .
  specs:
    ruby_pocket (0.1.2)
      mechanize (~> 2.7, >= 2.7.3)
      sequel (~> 4.26, >= 4.26.0)
      sqlite3 (~> 1.3, >= 1.3.10)
      terminal-table (~> 1.5, >= 1.5.2)

GEM
  remote: https://rubygems.org/
  specs:
    addressable (2.3.8)
    codeclimate-test-reporter (0.4.8)
      simplecov (>= 0.7.1, < 1.0.0)
    crack (0.4.2)
      safe_yaml (~> 1.0.0)
    database_cleaner (1.5.0)
    docile (1.1.5)
    domain_name (0.5.24)
      unf (>= 0.0.5, < 1.0.0)
    http-cookie (1.0.2)
      domain_name (~> 0.5)
    json (1.8.3)
    mechanize (2.7.3)
      domain_name (~> 0.5, >= 0.5.1)
      http-cookie (~> 1.0)
      mime-types (~> 2.0)
      net-http-digest_auth (~> 1.1, >= 1.1.1)
      net-http-persistent (~> 2.5, >= 2.5.2)
      nokogiri (~> 1.4)
      ntlm-http (~> 0.1, >= 0.1.1)
      webrobots (>= 0.0.9, < 0.2)
    mime-types (2.6.2)
    mini_portile (0.6.2)
    minitest (5.8.0)
    net-http-digest_auth (1.4)
    net-http-persistent (2.9.4)
    nokogiri (1.6.6.2)
      mini_portile (~> 0.6.0)
    ntlm-http (0.1.1)
    rake (10.4.2)
    safe_yaml (1.0.4)
    sequel (4.26.0)
    simplecov (0.10.0)
      docile (~> 1.1.0)
      json (~> 1.8)
      simplecov-html (~> 0.10.0)
    simplecov-html (0.10.0)
    sqlite3 (1.3.10)
    terminal-table (1.5.2)
    testrbl (0.6.0)
    unf (0.1.4)
      unf_ext
    unf_ext (0.0.7.1)
    webmock (1.21.0)
      addressable (>= 2.3.6)
      crack (>= 0.3.2)
    webrobots (0.1.1)

PLATFORMS
  ruby

DEPENDENCIES
  codeclimate-test-reporter (~> 0.4, >= 0.4.8)
  database_cleaner (~> 1.5, >= 1.5.0)
  minitest (~> 5.8, >= 5.8.0)
  rake (~> 10.4, >= 10.4.2)
  ruby_pocket!
  testrbl (~> 0.6, >= 0.6.0)
  webmock (~> 1.21, >= 1.21.0)

BUNDLED WITH
   1.10.6
